GEM
  remote: http://rubygems.org/
  specs:
    httparty (0.15.6)
      multi_xml (>= 0.5.2)
    json (2.1.0)
    mini_portile (0.6.0)
    multi_xml (0.6.0)
    nokogiri (1.6.3.1)
      mini_portile (= 0.6.0)

PLATFORMS
  ruby

DEPENDENCIES
  httparty (= 0.15.6)
  json (= 2.1.0)
  nokogiri (= 1.6.3.1)

RUBY VERSION
   ruby 2.2.0p0

BUNDLED WITH
   1.15.4
