GEM
  remote: http://rubygems.org/
  specs:
    byebug (10.0.2)
    coderay (1.1.2)
    domain_name (0.5.20170404)
      unf (>= 0.0.5, < 1.0.0)
    dotenv (2.2.1)
    excon (0.59.0)
    http-cookie (1.0.3)
      domain_name (~> 0.5)
    httparty (0.15.6)
      multi_xml (>= 0.5.2)
    json (2.1.0)
    mail (2.6.6)
      mime-types (>= 1.16, < 4)
    mailchimp-api (2.0.6)
      excon (>= 0.16.0)
      json (>= 1.7.7)
    mailgun-ruby (1.1.8)
      rest-client (~> 2.0)
    method_source (0.9.0)
    mime-types (3.1)
      mime-types-data (~> 3.2015)
    mime-types-data (3.2016.0521)
    mini_portile (0.6.0)
    multi_xml (0.6.0)
    netrc (0.11.0)
    nokogiri (1.6.3.1)
      mini_portile (= 0.6.0)
    pry (0.11.3)
      coderay (~> 1.1.0)
      method_source (~> 0.9.0)
    pry-byebug (3.6.0)
      byebug (~> 10.0)
      pry (~> 0.10)
    rest-client (2.0.2)
      http-cookie (>= 1.0.2, < 2.0)
      mime-types (>= 1.16, < 4.0)
      netrc (~> 0.8)
    titleize (1.4.1)
    unf (0.1.4)
      unf_ext
    unf_ext (0.0.7.4)

PLATFORMS
  ruby

DEPENDENCIES
  dotenv (~> 2.2.1)
  httparty (~> 0.15.6)
  json (~> 2.1.0)
  mail (~> 2.6.6)
  mailchimp-api (~> 2.0.4)
  mailgun-ruby (~> 1.1.6)
  nokogiri (~> 1.6.3.1)
  pry-byebug (~> 3.6.0)
  titleize (~> 1.4.1)

RUBY VERSION
   ruby 2.2.0p0

BUNDLED WITH
   1.16.1
