GEM
  remote: https://rubygems.org/
  specs:
    activesupport (5.1.4)
      concurrent-ruby (~> 1.0, >= 1.0.2)
      i18n (~> 0.7)
      minitest (~> 5.1)
      tzinfo (~> 1.1)
    concurrent-ruby (1.0.5)
    httparty (0.15.6)
      multi_xml (>= 0.5.2)
    i18n (0.9.0)
      concurrent-ruby (~> 1.0)
    json (2.1.0)
    mini_portile (0.6.0)
    minitest (5.10.3)
    multi_xml (0.6.0)
    nikkou (0.0.5)
      activesupport
      nokogiri
      tzinfo
    nokogiri (1.6.3.1)
      mini_portile (= 0.6.0)
    thread_safe (0.3.6)
    tzinfo (1.2.3)
      thread_safe (~> 0.1)

PLATFORMS
  ruby

DEPENDENCIES
  httparty (= 0.15.6)
  json (= 2.1.0)
  nikkou (= 0.0.5)
  nokogiri (= 1.6.3.1)

RUBY VERSION
   ruby 2.2.4p230

BUNDLED WITH
   1.15.4
